PATH
  remote: .
  specs:
    sitemapper (0.1.0)
      activesupport (~> 6.0, >= 6.0.3.2)
      addressable (~> 2.3, >= 2.3.6)
      digest-murmurhash (~> 0.3, >= 0.3.0)
      graphviz (~> 0.4, >= 0.4.0)
      nokogiri (~> 1.6, >= 1.6.1)
      public_suffix (~> 1.4, >= 1.4.2)
      typhoeus (~> 0.6, >= 0.6.8)
      webrobots (~> 0.1, >= 0.1.1)

GEM
  remote: https://rubygems.org/
  specs:
    activesupport (6.0.3.2)
      concurrent-ruby (~> 1.0, >= 1.0.2)
      i18n (>= 0.7, < 2)
      minitest (~> 5.1)
      tzinfo (~> 1.1)
      zeitwerk (~> 2.2, >= 2.2.2)
    addressable (2.3.6)
    byebug (2.7.0)
      columnize (~> 0.3)
      debugger-linecache (~> 1.2)
    coderay (1.1.0)
    columnize (0.9.0)
    concurrent-ruby (1.1.7)
    debugger-linecache (1.2.0)
    diff-lcs (1.2.5)
    digest-murmurhash (0.3.0)
      digest-stringbuffer (~> 0.0.2)
    digest-stringbuffer (0.0.2)
    ethon (0.7.0)
      ffi (>= 1.3.0)
    ffi (1.9.3)
    graphviz (0.4.0)
    i18n (1.8.5)
      concurrent-ruby (~> 1.0)
    method_source (0.8.2)
    mini_portile (0.5.3)
    minitest (5.14.1)
    nokogiri (1.6.1)
      mini_portile (~> 0.5.0)
    pry (0.9.12.6)
      coderay (~> 1.0)
      method_source (~> 0.8)
      slop (~> 3.4)
    pry-byebug (1.3.2)
      byebug (~> 2.7)
      pry (~> 0.9.12)
    pry-doc (0.12.0)
      pry (~> 0.9)
      yard (~> 0.9)
    public_suffix (1.4.2)
    rspec (2.14.1)
      rspec-core (~> 2.14.0)
      rspec-expectations (~> 2.14.0)
      rspec-mocks (~> 2.14.0)
    rspec-core (2.14.8)
    rspec-expectations (2.14.5)
      diff-lcs (>= 1.1.3, < 2.0)
    rspec-mocks (2.14.6)
    slop (3.5.0)
    thread_safe (0.3.6)
    typhoeus (0.6.8)
      ethon (>= 0.7.0)
    tzinfo (1.2.7)
      thread_safe (~> 0.1)
    webrobots (0.1.1)
    yard (0.9.25)
    zeitwerk (2.4.0)

PLATFORMS
  ruby

DEPENDENCIES
  activesupport
  addressable
  digest-murmurhash
  graphviz
  nokogiri
  pry
  pry-byebug
  pry-doc
  public_suffix
  rspec
  sitemapper!
  typhoeus
  webrobots

BUNDLED WITH
   1.17.3
