GEM
  remote: https://rubygems.org/
  specs:
    addressable (2.3.6)
    coderay (1.1.0)
    diff-lcs (1.2.5)
    digest-murmurhash (0.3.0)
      digest-stringbuffer (~> 0.0.2)
    digest-stringbuffer (0.0.2)
    ethon (0.7.0)
      ffi (>= 1.3.0)
    ffi (1.9.3)
    method_source (0.8.2)
    mini_portile (0.5.3)
    nokogiri (1.6.1)
      mini_portile (~> 0.5.0)
    pry (0.9.12.6)
      coderay (~> 1.0)
      method_source (~> 0.8)
      slop (~> 3.4)
    pry-doc (0.6.0)
      pry (~> 0.9)
      yard (~> 0.8)
    rspec (2.14.1)
      rspec-core (~> 2.14.0)
      rspec-expectations (~> 2.14.0)
      rspec-mocks (~> 2.14.0)
    rspec-core (2.14.8)
    rspec-expectations (2.14.5)
      diff-lcs (>= 1.1.3, < 2.0)
    rspec-mocks (2.14.6)
    slop (3.5.0)
    typhoeus (0.6.8)
      ethon (>= 0.7.0)
    webrobots (0.1.1)
    yard (0.8.7.4)

PLATFORMS
  ruby

DEPENDENCIES
  addressable
  digest-murmurhash
  nokogiri
  pry
  pry-doc
  rspec
  typhoeus
  webrobots
