GEM
  remote: https://rubygems.org/
  specs:
    addressable (2.3.6)
    byebug (2.7.0)
      columnize (~> 0.3)
      debugger-linecache (~> 1.2)
    coderay (1.1.0)
    columnize (0.9.0)
    debugger-linecache (1.2.0)
    diff-lcs (1.2.5)
    digest-murmurhash (0.3.0)
      digest-stringbuffer (~> 0.0.2)
    digest-stringbuffer (0.0.2)
    ethon (0.7.0)
      ffi (>= 1.3.0)
    ffi (1.9.3)
    graphviz (0.0.2)
      rexec
    method_source (0.8.2)
    mini_portile (0.5.3)
    nokogiri (1.6.1)
      mini_portile (~> 0.5.0)
    pry (0.9.12.6)
      coderay (~> 1.0)
      method_source (~> 0.8)
      slop (~> 3.4)
    pry-byebug (1.3.2)
      byebug (~> 2.7)
      pry (~> 0.9.12)
    pry-doc (0.6.0)
      pry (~> 0.9)
      yard (~> 0.8)
    public_suffix (1.4.2)
    rainbow (2.0.0)
    rexec (1.6.3)
      rainbow
    rspec (2.14.1)
      rspec-core (~> 2.14.0)
      rspec-expectations (~> 2.14.0)
      rspec-mocks (~> 2.14.0)
    rspec-core (2.14.8)
    rspec-expectations (2.14.5)
      diff-lcs (>= 1.1.3, < 2.0)
    rspec-mocks (2.14.6)
    slop (3.5.0)
    typhoeus (0.6.8)
      ethon (>= 0.7.0)
    webrobots (0.1.1)
    yard (0.8.7.4)

PLATFORMS
  ruby

DEPENDENCIES
  addressable
  digest-murmurhash
  graphviz
  nokogiri
  pry
  pry-byebug
  pry-doc
  public_suffix
  rspec
  typhoeus
  webrobots

RUBY VERSION
   ruby 2.5.1p57

BUNDLED WITH
   1.16.5
